GEM
  remote: http://rubygems.org/
  specs:
    haml (3.1.7)
    rack (1.4.1)
    rack-protection (1.2.0)
      rack
    sinatra (1.3.3)
      rack (~> 1.3, >= 1.3.6)
      rack-protection (~> 1.2)
      tilt (~> 1.3, >= 1.3.3)
    sinatra-paginate (0.1.0)
      sinatra
    sinatra-twitter-bootstrap (2.2.2.1)
    tilt (1.3.3)

PLATFORMS
  ruby

DEPENDENCIES
  haml
  sinatra
  sinatra-paginate
  sinatra-twitter-bootstrap
